GIT
  remote: git://github.com/heartsentwined/guard-jasmine-headless-webkit.git
  revision: e9b224c0917b2c4ef9dd7a0704ad4d8800d02cd4
  branch: ember-script
  specs:
    guard-jasmine-headless-webkit (0.4.0.rc1)
      guard (>= 0.4.0)
      jasmine-headless-webkit (>= 0.7.0)

GIT
  remote: git://github.com/heartsentwined/jasmine-headless-webkit.git
  revision: ec0aa8d3205e14d98b50e09485229104b2241f29
  branch: ember-script
  specs:
    jasmine-headless-webkit (0.9.0.rc.2)
      coffee-script
      ember_script
      jasmine-core
      multi_json (>= 1.2.0)
      rainbow
      sprockets
      sprockets-vendor_gems

GEM
  remote: https://rubygems.org/
  specs:
    appraisal (0.5.2)
      bundler
      rake
    celluloid (0.15.2)
      timers (~> 1.1.0)
    childprocess (0.3.9)
      ffi (~> 1.0, >= 1.0.11)
    coderay (1.0.9)
    coffee-script (2.2.0)
      coffee-script-source
      execjs
    coffee-script-source (1.6.3)
    diff-lcs (1.2.4)
    ember-auth-request-dummy-source (1.0.1)
      ember-auth-source (~> 9.0)
      ember-source (~> 1.0)
    ember-auth-response-dummy-source (1.0.1)
      ember-auth-source (~> 9.0)
      ember-source (~> 1.0)
    ember-auth-session-dummy-source (1.0.1)
      ember-auth-source (~> 9.0)
      ember-source (~> 1.0)
    ember-auth-source (9.0.2)
      ember-source (>= 1.0.0.rc6.2)
    ember-auth-strategy-dummy-source (1.0.1)
      ember-auth-source (~> 9.0)
      ember-source (~> 1.0)
    ember-source (1.3.0)
      handlebars-source (= 1.2.1)
    ember_script (0.0.5)
      ember_script-source (>= 0.0.2)
      execjs
      tilt
    ember_script-source (0.0.8)
    execjs (2.0.2)
    ffi (1.9.0)
    formatador (0.2.4)
    guard (2.0.4)
      formatador (>= 0.2.4)
      listen (~> 2.0)
      lumberjack (~> 1.0)
      pry (>= 0.9.12)
      thor (>= 0.18.1)
    handlebars-source (1.0.12)
    hike (1.2.3)
    jasmine (1.3.2)
      jasmine-core (~> 1.3.1)
      rack (~> 1.0)
      rspec (>= 1.3.1)
      selenium-webdriver (>= 0.1.3)
    jasmine-core (1.3.1)
    listen (2.0.4)
      celluloid (>= 0.15.2)
      rb-fsevent (>= 0.9.3)
      rb-inotify (>= 0.9)
    lumberjack (1.0.4)
    method_source (0.8.2)
    multi_json (1.8.1)
    pry (0.9.12.2)
      coderay (~> 1.0.5)
      method_source (~> 0.8)
      slop (~> 3.4)
    rack (1.5.2)
    rainbow (1.1.4)
    rake (10.1.0)
    rb-fsevent (0.9.3)
    rb-inotify (0.9.2)
      ffi (>= 0.5.0)
    rspec (2.14.1)
      rspec-core (~> 2.14.0)
      rspec-expectations (~> 2.14.0)
      rspec-mocks (~> 2.14.0)
    rspec-core (2.14.5)
    rspec-expectations (2.14.3)
      diff-lcs (>= 1.1.3, < 2.0)
    rspec-mocks (2.14.3)
    rubyzip (0.9.9)
    selenium-webdriver (2.35.1)
      childprocess (>= 0.2.5)
      multi_json (~> 1.0)
      rubyzip (< 1.0.0)
      websocket (~> 1.0.4)
    slop (3.4.6)
    sprockets (2.10.0)
      hike (~> 1.2)
      multi_json (~> 1.0)
      rack (~> 1.0)
      tilt (~> 1.1, != 1.3.0)
    sprockets-vendor_gems (0.1.3)
      sprockets
    thor (0.18.1)
    tilt (1.4.1)
    timers (1.1.0)
    uglifier (1.3.0)
      execjs (>= 0.3.0)
      multi_json (~> 1.0, >= 1.0.2)
    websocket (1.0.7)

PLATFORMS
  ruby

DEPENDENCIES
  appraisal (~> 0.5)
  coffee-script (~> 2.2)
  ember-auth-request-dummy-source (~> 1.0)
  ember-auth-response-dummy-source (~> 1.0)
  ember-auth-session-dummy-source (~> 1.0)
  ember-auth-strategy-dummy-source (~> 1.0)
  ember-source (~> 1.0)
  ember_script (~> 0.0)
  guard-jasmine-headless-webkit!
  handlebars-source (~> 1.0)
  jasmine (~> 1.3)
  jasmine-headless-webkit!
  uglifier (~> 1.3)
